PATH
  remote: .
  specs:
    xsd-populator (0.2.1)
      builder (~> 3.2)
      data-provider (~> 0.2)
      xsd-reader (~> 0.4)

GEM
  remote: https://rubygems.org/
  specs:
    builder (3.2.4)
    byebug (11.1.3)
    data-provider (0.2.3)
    diff-lcs (1.5.0)
    domain_name (0.5.20190701)
      unf (>= 0.0.5, < 1.0.0)
    http-cookie (1.0.4)
      domain_name (~> 0.5)
    mime-types (2.99.3)
    mini_portile2 (2.8.0)
    netrc (0.11.0)
    nokogiri (1.13.6)
      mini_portile2 (~> 2.8.0)
      racc (~> 1.4)
    racc (1.6.0)
    rake (10.5.0)
    rest-client (1.8.0)
      http-cookie (>= 1.0.2, < 2.0)
      mime-types (>= 1.16, < 3.0)
      netrc (~> 0.7)
    rspec (3.11.0)
      rspec-core (~> 3.11.0)
      rspec-expectations (~> 3.11.0)
      rspec-mocks (~> 3.11.0)
    rspec-core (3.11.0)
      rspec-support (~> 3.11.0)
    rspec-expectations (3.11.0)
      diff-lcs (>= 1.2.0, < 2.0)
      rspec-support (~> 3.11.0)
    rspec-mocks (3.11.1)
      diff-lcs (>= 1.2.0, < 2.0)
      rspec-support (~> 3.11.0)
    rspec-support (3.11.0)
    unf (0.1.4)
      unf_ext
    unf_ext (0.0.8.1)
    xsd-reader (0.4.0)
      nokogiri (~> 1.6)
      rest-client (~> 1.8)

PLATFORMS
  ruby

DEPENDENCIES
  byebug
  nokogiri (~> 1.6)
  rake (~> 10.1)
  rspec (~> 3.3)
  xsd-populator!

BUNDLED WITH
   1.16.2
